GEM
  remote: https://rubygems.org/
  specs:
    bind-it (0.2.7)
      rjb (~> 1.4.3)
    dotenv (0.7.0)
    foreman (0.63.0)
      dotenv (>= 0.7)
      thor (>= 0.13.6)
    json (1.7.7)
    open-nlp (0.1.2)
      bind-it (~> 0.2.5)
    puma (2.0.1)
      rack (>= 1.1, < 2.0)
    rack (1.5.2)
    rack-protection (1.5.0)
      rack
    rjb (1.4.6)
    sinatra (1.4.3)
      rack (~> 1.4)
      rack-protection (~> 1.4)
      tilt (~> 1.3, >= 1.3.4)
    thor (0.18.1)
    tilt (1.4.1)

PLATFORMS
  ruby

DEPENDENCIES
  foreman (= 0.63.0)
  json (= 1.7.7)
  open-nlp (= 0.1.2)
  puma (= 2.0.1)
  sinatra (= 1.4.3)
