GEM
  remote: https://rubygems.org/
  specs:
    bind-it (0.2.7)
      rjb (~> 1.4.3)
    json (1.7.7)
    open-nlp (0.1.2)
      bind-it (~> 0.2.5)
    rack (1.5.2)
    rack-protection (1.5.0)
      rack
    rjb (1.4.6)
    sinatra (1.4.3)
      rack (~> 1.4)
      rack-protection (~> 1.4)
      tilt (~> 1.3, >= 1.3.4)
    tilt (1.4.1)

PLATFORMS
  ruby

DEPENDENCIES
  json
  open-nlp (= 0.1.2)
  sinatra
